

GROUP Build
FRAMEWORK: >= NET45
NUGET
  remote: http://www.nuget.org/api/v2
    FAKE (4.39.1)
GITHUB
  remote: xyncro/build
    build.fsx (11ad497d50e7b5071bea53cde53b3cfe4b113793)
GROUP Common
NUGET
  remote: http://www.nuget.org/api/v2
    FParsec (1.0.2)

GROUP Test
FRAMEWORK: >= NET45
NUGET
  remote: http://www.nuget.org/api/v2
    Unquote (3.1.2)
    xunit (2.1)
      xunit.assert (2.1)
      xunit.core (2.1)
    xunit.abstractions (2.0)
    xunit.assert (2.1)
    xunit.core (2.1)
      xunit.extensibility.core (2.1)
      xunit.extensibility.execution (2.1)
    xunit.extensibility.core (2.1)
      xunit.abstractions (2.0)
    xunit.extensibility.execution (2.1)
      xunit.extensibility.core (2.1)
    xunit.runner.console (2.1)
